PATH
  remote: .
  specs:
    tinny2d (0.0.1)

GEM
  remote: https://rubygems.org/
  specs:

PLATFORMS
  x64-mingw32

DEPENDENCIES
  tinny2d!

BUNDLED WITH
   2.2.27
